GIT
  remote: git://github.com/ekho/capistrano-git-submodule-strategy.git
  revision: e3b8a78fbe7d3f7d03d473ee488a9c805f8f6fac
  specs:
    capistrano-git-submodule-strategy (0.1.17)
      capistrano (~> 3.1)

GEM
  remote: https://rubygems.org/
  specs:
    capistrano (3.2.1)
      i18n
      rake (>= 10.0.0)
      sshkit (~> 1.3)
    capistrano-composer (0.0.4)
      capistrano (>= 3.0.0.pre)
    colorize (0.7.3)
    i18n (0.6.9)
    net-scp (1.2.1)
      net-ssh (>= 2.6.5)
    net-ssh (2.9.1)
    rake (10.3.2)
    sshkit (1.5.1)
      colorize
      net-scp (>= 1.1.2)
      net-ssh (>= 2.8.0)

PLATFORMS
  ruby

DEPENDENCIES
  capistrano (~> 3.2.0)
  capistrano-composer
  capistrano-git-submodule-strategy (~> 0.1)!
